GEM
  remote: https://rubygems.org/
  specs:
    nio4r (2.5.2)
    puma (4.2.1)
      nio4r (~> 2.0)
    rack (1.6.11)
    rack-cache (1.2)
      rack (>= 0.4)
    rack-protection (1.5.2)
      rack
    sinatra (1.4.5)
      rack (~> 1.4)
      rack-protection (~> 1.4)
      tilt (~> 1.3, >= 1.3.4)
    tilt (1.4.1)

PLATFORMS
  ruby

DEPENDENCIES
  puma
  rack-cache
  sinatra

RUBY VERSION
   ruby 2.5.0p0

BUNDLED WITH
   1.17.1
